GEM
  remote: https://rubygems.org/
  specs:
    backports (3.6.8)
    docker-api (1.31.0)
      excon (>= 0.38.0)
      json
    excon (0.52.0)
    json (2.0.2)
    multi_json (1.12.1)
    puma (3.6.0)
    rack (1.6.4)
    rack-protection (1.5.3)
      rack
    rack-test (0.6.3)
      rack (>= 1.0)
    sinatra (1.4.7)
      rack (~> 1.5)
      rack-protection (~> 1.4)
      tilt (>= 1.3, < 3)
    sinatra-contrib (1.4.7)
      backports (>= 2.0)
      multi_json
      rack-protection
      rack-test
      sinatra (~> 1.4.0)
      tilt (>= 1.3, < 3)
    tilt (2.0.5)

PLATFORMS
  ruby

DEPENDENCIES
  docker-api
  puma
  sinatra
  sinatra-contrib

BUNDLED WITH
   1.12.5
